GEM
  remote: http://rubygems.org/
  specs:
    activemodel (4.2.0)
      activesupport (= 4.2.0)
      builder (~> 3.1)
    activesupport (4.2.0)
      i18n (~> 0.7)
      json (~> 1.7, >= 1.7.7)
      minitest (~> 5.1)
      thread_safe (~> 0.3, >= 0.3.4)
      tzinfo (~> 1.1)
    babosa (0.3.11)
    backports (3.6.4)
    bcrypt (3.1.9)
    bson (1.11.1)
    bson_ext (1.11.1)
      bson (~> 1.11.1)
    builder (3.2.2)
    differ (0.1.2)
    factory_girl (4.5.0)
      activesupport (>= 3.0.0)
    i18n (0.7.0)
    json (1.8.1)
    minitest (5.5.0)
    mm-sluggable (0.3.1)
      mongo_mapper (>= 0.9.0)
    mm-versionable (0.2.9)
      bson
      builder
      differ
      i18n
      mongo_mapper (>= 0.9.0)
    mongo (1.11.1)
      bson (= 1.11.1)
    mongo_mapper (0.13.1)
      activemodel (>= 3.0.0)
      activesupport (>= 3.0)
      mongo (~> 1.8)
      plucky (~> 0.6.5)
    multi_json (1.10.1)
    newrelic_rpm (3.9.8.273)
    plucky (0.6.6)
      mongo (~> 1.5)
    puma (2.10.2)
      rack (>= 1.1, < 2.0)
    rack (1.6.0)
    rack-protection (1.5.3)
      rack
    rack-test (0.6.2)
      rack (>= 1.0)
    rake (10.4.2)
    sass (3.4.9)
    sinatra (1.4.5)
      rack (~> 1.4)
      rack-protection (~> 1.4)
      tilt (~> 1.3, >= 1.3.4)
    sinatra-contrib (1.4.2)
      backports (>= 2.0)
      multi_json
      rack-protection
      rack-test
      sinatra (~> 1.4.0)
      tilt (~> 1.3)
    slim (3.0.1)
      temple (~> 0.7.3)
      tilt (>= 1.3.3, < 2.1)
    temple (0.7.4)
    thread_safe (0.3.4)
    tilt (1.4.1)
    tzinfo (1.2.2)
      thread_safe (~> 0.1)
    unicode (0.4.4.2)

PLATFORMS
  ruby

DEPENDENCIES
  babosa
  bcrypt
  bson
  bson_ext
  factory_girl
  minitest (~> 5)
  mm-sluggable
  mm-versionable
  mongo_mapper
  newrelic_rpm
  puma
  rack-test
  rake
  sass
  sinatra
  sinatra-contrib
  slim
  unicode
