GEM
  remote: http://rubygems.org/
  specs:
    activemodel (3.2.14)
      activesupport (= 3.2.14)
      builder (~> 3.0.0)
    activesupport (3.2.14)
      i18n (~> 0.6, >= 0.6.4)
      multi_json (~> 1.0)
    backports (3.3.3)
    bcrypt-ruby (3.1.1)
    bson (1.9.1)
    bson_ext (1.9.1)
      bson (~> 1.9.1)
    builder (3.0.4)
    differ (0.1.2)
    eventmachine (1.0.3)
    factory_girl (4.2.0)
      activesupport (>= 3.0.0)
    i18n (0.6.5)
    minitest (5.0.6)
    mm-versionable (0.2.9)
      bson
      builder
      differ
      i18n
      mongo_mapper (>= 0.9.0)
    mongo (1.9.1)
      bson (~> 1.9.1)
    mongo_mapper (0.13.0.beta1)
      activemodel (>= 3.0.0)
      activesupport (>= 3.0)
      mongo (~> 1.8)
      plucky (~> 0.6.4)
    multi_json (1.7.9)
    newrelic_rpm (3.6.6.147)
    plucky (0.6.6)
      mongo (~> 1.5)
    rack (1.5.2)
    rack-protection (1.5.0)
      rack
    rack-test (0.6.2)
      rack (>= 1.0)
    rake (10.1.0)
    sass (3.2.10)
    sinatra (1.4.3)
      rack (~> 1.4)
      rack-protection (~> 1.4)
      tilt (~> 1.3, >= 1.3.4)
    sinatra-contrib (1.4.0)
      backports (>= 2.0)
      eventmachine
      rack-protection
      rack-test
      sinatra (~> 1.4.2)
      tilt (~> 1.3)
    slim (2.0.1)
      temple (~> 0.6.6)
      tilt (>= 1.3.3, < 2.1)
    temple (0.6.6)
    tilt (1.4.1)

PLATFORMS
  ruby

DEPENDENCIES
  bcrypt-ruby
  bson
  bson_ext
  factory_girl
  minitest (~> 5)
  mm-versionable
  mongo_mapper (= 0.13.0.beta1)
  newrelic_rpm
  rack-test
  rake
  sass
  sinatra
  sinatra-contrib
  slim
