GEM
  remote: https://rubygems.org/
  specs:
    babosa (1.0.2)
    envyable (1.2.0)
      thor (>= 0.18.1, < 2.0)
    mustermann (1.0.0)
    newrelic_rpm (4.2.0.334)
    puma (3.9.1)
    rack (2.0.3)
    rack-cache (1.7.0)
      rack (>= 0.4)
    rack-protection (2.0.0)
      rack
    sass (3.4.25)
    sequel (4.48.0)
    sinatra (2.0.0)
      mustermann (~> 1.0)
      rack (~> 2.0)
      rack-protection (= 2.0.0)
      tilt (~> 2.0)
    slim (3.0.8)
      temple (>= 0.7.6, < 0.9)
      tilt (>= 1.3.3, < 2.1)
    sqlite3 (1.3.13)
    temple (0.8.0)
    thor (0.19.4)
    tilt (2.0.7)
    unicode (0.4.4.4)

PLATFORMS
  ruby

DEPENDENCIES
  babosa!
  envyable!
  newrelic_rpm!
  puma!
  rack-cache!
  sass!
  sequel!
  sinatra!
  slim!
  sqlite3!
  unicode!

BUNDLED WITH
   1.15.1
